GIT
  remote: https://github.com/arunagw/omniauth-twitter.git
  revision: 9f2cd30ec9abe2c9387c7a72a51e53d8b4989c01
  tag: v1.0.1
  specs:
    omniauth-twitter (1.0.1)
      multi_json (~> 1.3)
      omniauth-oauth (~> 1.0)

GIT
  remote: https://github.com/intridea/omniauth-github.git
  revision: 76531e42d61c1a93f54dd4ae965208413f3854ab
  tag: v1.1.1
  specs:
    omniauth-github (1.1.1)
      omniauth (~> 1.0)
      omniauth-oauth2 (~> 1.1)

GIT
  remote: https://github.com/intridea/omniauth-oauth2.git
  revision: 76f6a5eb495b5323b37524eb626b4b0274d4abd4
  tag: v1.1.1
  specs:
    omniauth-oauth2 (1.1.1)
      oauth2 (~> 0.8.0)
      omniauth (~> 1.0)

GIT
  remote: https://github.com/intridea/omniauth.git
  revision: 91ce897ecff0899f22d8f96dbf1b5c5510e3dd12
  tag: v1.1.1
  specs:
    omniauth (1.1.1)
      hashie (~> 1.2)
      rack

GIT
  remote: https://github.com/mkdynamic/omniauth-facebook.git
  revision: d2f099deab685207bd548533eba9a075a63af912
  tag: v1.5.1
  specs:
    omniauth-facebook (1.5.1)
      omniauth-oauth2 (~> 1.1.0)

GEM
  remote: http://rubygems.org/
  specs:
    activesupport (4.0.2)
      i18n (~> 0.6, >= 0.6.4)
      minitest (~> 4.2)
      multi_json (~> 1.3)
      thread_safe (~> 0.1)
      tzinfo (~> 0.3.37)
    atomic (1.1.14)
    daemons (1.1.9)
    eventmachine (1.0.3)
    faraday (0.8.8)
      multipart-post (~> 1.2.0)
    hashie (1.2.0)
    httpauth (0.2.0)
    i18n (0.6.9)
    json (1.8.1)
    jwt (0.1.8)
      multi_json (>= 1.5)
    mime-types (2.0)
    minitest (4.7.5)
    multi_json (1.8.2)
    multipart-post (1.2.0)
    newrelic_rpm (3.7.0.177)
    oauth (0.4.7)
    oauth2 (0.8.1)
      faraday (~> 0.8)
      httpauth (~> 0.1)
      jwt (~> 0.1.4)
      multi_json (~> 1.0)
      rack (~> 1.2)
    omniauth-oauth (1.0.1)
      oauth
      omniauth (~> 1.0)
    rack (1.3.6)
    rest-client (1.6.7)
      mime-types (>= 1.16)
    shotgun (0.9)
      rack (>= 1.0)
    sinatra (1.0)
      rack (>= 1.0)
    thin (1.6.1)
      daemons (>= 1.0.9)
      eventmachine (>= 1.0.0)
      rack (>= 1.0.0)
    thread_safe (0.1.3)
      atomic
    tilt (2.0.0)
    tzinfo (0.3.38)

PLATFORMS
  ruby

DEPENDENCIES
  activesupport
  i18n
  json
  newrelic_rpm
  omniauth!
  omniauth-facebook!
  omniauth-github!
  omniauth-oauth2!
  omniauth-twitter!
  rack (= 1.3.6)
  rest-client
  shotgun
  sinatra
  thin
  tilt
